GEM
  remote: https://api.rubygems.org/
  specs:
    addressable (2.7.0)
      public_suffix (>= 2.0.2, < 5.0)
    concurrent-ruby (1.1.5)
    cool.io (1.5.4)
    declarative (0.0.10)
    declarative-option (0.1.0)
    faraday (0.15.4)
      multipart-post (>= 1.2, < 3)
    ffi (1.11.1)
    fluent-plugin-bigquery (1.2.0)
      fluentd (>= 0.14.0, < 2)
      google-api-client (>= 0.11.0)
      googleauth (>= 0.5.0)
      multi_json
    fluent-plugin-detect-exceptions (0.0.12)
      fluentd (>= 0.10)
    fluent-plugin-google-cloud (0.6.25.1)
      fluentd (~> 0.10)
      google-api-client (~> 0.17)
      google-cloud-logging (~> 1.3, >= 1.3.2)
      google-protobuf (~> 3.6, >= 3.6.1)
      googleapis-common-protos (~> 1.3)
      googleauth (~> 0.6)
      grpc (~> 1.0)
      json (~> 2.1)
    fluent-plugin-multi-format-parser (0.1.1)
      fluentd (>= 0.10.46, < 2)
    fluent-plugin-prometheus (0.2.1)
      fluentd
      prometheus-client
    fluent-plugin-record-reformer (0.8.3)
      fluentd
    fluent-plugin-systemd (0.0.9)
      fluentd (~> 0.12)
      systemd-journal (~> 1.2)
    fluentd (0.14.25)
      cool.io (>= 1.4.5, < 2.0.0)
      http_parser.rb (>= 0.5.1, < 0.7.0)
      msgpack (>= 0.7.0, < 2.0.0)
      ruby_dig (~> 0.0.2)
      serverengine (>= 2.0.4, < 3.0.0)
      sigdump (~> 0.2.2)
      strptime (~> 0.1.7)
      tzinfo (~> 1.0)
      tzinfo-data (~> 1.0)
      yajl-ruby (~> 1.0)
    google-api-client (0.31.0)
      addressable (~> 2.5, >= 2.5.1)
      googleauth (>= 0.5, < 0.10.0)
      httpclient (>= 2.8.1, < 3.0)
      mini_mime (~> 1.0)
      representable (~> 3.0)
      retriable (>= 2.0, < 4.0)
      signet (~> 0.10)
    google-cloud-core (1.3.1)
      google-cloud-env (~> 1.0)
    google-cloud-env (1.2.1)
      faraday (~> 0.11)
    google-cloud-logging (1.7.0)
      concurrent-ruby (~> 1.1)
      google-cloud-core (~> 1.2)
      google-gax (~> 1.7)
      googleapis-common-protos-types (>= 1.0.2)
      stackdriver-core (~> 1.3)
    google-gax (1.7.1)
      google-protobuf (~> 3.2)
      googleapis-common-protos (>= 1.3.5, < 2.0)
      googleauth (>= 0.6.2, < 0.10.0)
      grpc (>= 1.7.2, < 2.0)
      rly (~> 0.2.3)
    google-protobuf (3.9.2-x86_64-linux)
    googleapis-common-protos (1.3.9)
      google-protobuf (~> 3.0)
      googleapis-common-protos-types (~> 1.0)
      grpc (~> 1.0)
    googleapis-common-protos-types (1.0.4)
      google-protobuf (~> 3.0)
    googleauth (0.9.0)
      faraday (~> 0.12)
      jwt (>= 1.4, < 3.0)
      memoist (~> 0.16)
      multi_json (~> 1.11)
      os (>= 0.9, < 2.0)
      signet (~> 0.7)
    grpc (1.23.0-x86_64-linux)
      google-protobuf (~> 3.8)
      googleapis-common-protos-types (~> 1.0)
    http_parser.rb (0.6.0)
    httpclient (2.8.3)
    json (2.2.0)
    jwt (2.2.1)
    memoist (0.16.0)
    mini_mime (1.0.2)
    msgpack (1.3.1)
    multi_json (1.13.1)
    multipart-post (2.1.1)
    oj (2.18.5)
    os (1.0.1)
    prometheus-client (0.9.0)
      quantile (~> 0.2.1)
    public_suffix (4.0.1)
    quantile (0.2.1)
    representable (3.0.4)
      declarative (< 0.1.0)
      declarative-option (< 0.2.0)
      uber (< 0.2.0)
    retriable (3.1.2)
    rly (0.2.3)
    ruby_dig (0.0.2)
    serverengine (2.1.1)
      sigdump (~> 0.2.2)
    sigdump (0.2.4)
    signet (0.11.0)
      addressable (~> 2.3)
      faraday (~> 0.9)
      jwt (>= 1.5, < 3.0)
      multi_json (~> 1.10)
    stackdriver-core (1.3.4)
      google-cloud-core (~> 1.2)
    strptime (0.1.9)
    systemd-journal (1.3.1)
      ffi (~> 1.9)
    thread_safe (0.3.6)
    tzinfo (1.2.5)
      thread_safe (~> 0.1)
    tzinfo-data (1.2019.3)
      tzinfo (>= 1.0.0)
    uber (0.1.0)
    yajl-ruby (1.4.1)

PLATFORMS
  ruby
  x86_64-linux

DEPENDENCIES
  fluent-plugin-bigquery (~> 1.2.0)
  fluent-plugin-detect-exceptions (~> 0.0.8)
  fluent-plugin-google-cloud (~> 0.6.12)
  fluent-plugin-multi-format-parser (~> 0.1.1)
  fluent-plugin-prometheus (~> 0.2.1)
  fluent-plugin-record-reformer (~> 0.8.3)
  fluent-plugin-systemd (= 0.0.9)
  fluentd (~> 0.14.25)
  oj (~> 2.18.1)
  systemd-journal (= 1.3.1)
